PATH
  remote: .
  specs:
    rpn (0.0.1)

GEM
  remote: http://rubygems.org/
  specs:
    minitest (2.0.2)
    mocha (0.9.12)

PLATFORMS
  ruby

DEPENDENCIES
  minitest
  mocha
  rpn!
